PATH
  remote: .
  specs:
    rack-ratelimit (1.2.0)

GEM
  remote: https://rubygems.org/
  specs:
    dalli (2.7.6)
    minitest (5.12.0)
    rake (12.0.0)
    redis (3.3.3)

PLATFORMS
  ruby

DEPENDENCIES
  dalli
  minitest
  rack-ratelimit!
  rake
  redis

BUNDLED WITH
   1.14.3
